GIT
  remote: git://github.com/apotonick/reform.git
  revision: 3d1b563fc83461235bb135b999a1113cf7e2451b
  specs:
    reform (2.0.3)
      disposable (~> 0.1.9)
      uber (~> 0.0.11)

GIT
  remote: git://github.com/gabrielcorado/caracara.git
  revision: 85dee5c613f1d64d5386067d840ffa06e26b585b
  specs:
    caracara (0.4.1)
      mustache (~> 1.0)

GIT
  remote: git://github.com/haml/haml.git
  revision: 7c7c16930b7fefd6dd9869a3af73f8d86c673b77
  ref: 7c7c169
  specs:
    haml (4.1.0.beta.1)
      tilt

GEM
  remote: https://rubygems.org/
  specs:
    actionmailer (4.2.0)
      actionpack (= 4.2.0)
      actionview (= 4.2.0)
      activejob (= 4.2.0)
      mail (~> 2.5, >= 2.5.4)
      rails-dom-testing (~> 1.0, >= 1.0.5)
    actionpack (4.2.0)
      actionview (= 4.2.0)
      activesupport (= 4.2.0)
      rack (~> 1.6.0)
      rack-test (~> 0.6.2)
      rails-dom-testing (~> 1.0, >= 1.0.5)
      rails-html-sanitizer (~> 1.0, >= 1.0.1)
    actionview (4.2.0)
      activesupport (= 4.2.0)
      builder (~> 3.1)
      erubis (~> 2.7.0)
      rails-dom-testing (~> 1.0, >= 1.0.5)
      rails-html-sanitizer (~> 1.0, >= 1.0.1)
    activejob (4.2.0)
      activesupport (= 4.2.0)
      globalid (>= 0.3.0)
    activemodel (4.2.0)
      activesupport (= 4.2.0)
      builder (~> 3.1)
    activerecord (4.2.0)
      activemodel (= 4.2.0)
      activesupport (= 4.2.0)
      arel (~> 6.0)
    activesupport (4.2.0)
      i18n (~> 0.7)
      json (~> 1.7, >= 1.7.7)
      minitest (~> 5.1)
      thread_safe (~> 0.3, >= 0.3.4)
      tzinfo (~> 1.1)
    ansi (1.5.0)
    arel (6.0.3)
    awesome_print (1.6.1)
    bcrypt (3.1.10)
    binding_of_caller (0.7.2)
      debug_inspector (>= 0.0.1)
    bitbucket_rest_api (0.1.7)
      faraday (~> 0.9.0)
      faraday_middleware (~> 0.9.0)
      hashie
      multi_json (>= 1.7.5, < 2.0)
      nokogiri (>= 1.5.2)
      simple_oauth
    builder (3.2.2)
    byebug (6.0.2)
    capybara (2.5.0)
      mime-types (>= 1.16)
      nokogiri (>= 1.3.3)
      rack (>= 1.0.0)
      rack-test (>= 0.5.4)
      xpath (~> 2.0)
    cells (4.0.2)
      tilt (>= 1.4, < 3)
      uber (~> 0.0.9)
    cells-haml (0.0.8)
      cells (~> 4.0.0.beta6)
      haml (>= 4.1.0.beta.1)
    clap (1.0.0)
    coderay (1.1.0)
    coffee-rails (4.1.0)
      coffee-script (>= 2.2.0)
      railties (>= 4.0.0, < 5.0)
    coffee-script (2.4.1)
      coffee-script-source
      execjs
    coffee-script-source (1.9.1.1)
    debug_inspector (0.0.2)
    disc (0.0.23)
      clap (~> 1.0)
      disque (~> 0.0.6)
      msgpack (>= 0.5.6, <= 0.6.2)
    disposable (0.1.12)
      representable (>= 2.2.3, <= 2.3.0)
      uber
    disque (0.0.6)
      redic (~> 1.5.0)
    erubis (2.7.0)
    execjs (2.6.0)
    faraday (0.9.1)
      multipart-post (>= 1.2, < 3)
    faraday_middleware (0.9.2)
      faraday (>= 0.7.4, < 0.10)
    ffi (1.9.10)
    formatador (0.2.5)
    globalid (0.3.6)
      activesupport (>= 4.1.0)
    guard (2.13.0)
      formatador (>= 0.2.4)
      listen (>= 2.7, <= 4.0)
      lumberjack (~> 1.0)
      nenv (~> 0.1)
      notiffany (~> 0.0)
      pry (>= 0.9.12)
      shellany (~> 0.0)
      thor (>= 0.18.1)
    guard-compat (1.2.1)
    guard-minitest (2.4.4)
      guard-compat (~> 1.2)
      minitest (>= 3.0)
    haml-rails (0.9.0)
      actionpack (>= 4.0.1)
      activesupport (>= 4.0.1)
      haml (>= 4.0.6, < 5.0)
      html2haml (>= 1.0.1)
      railties (>= 4.0.1)
    hashie (3.4.2)
    hiredis (0.6.0)
    hpricot (0.8.6)
    html2haml (1.0.1)
      erubis (~> 2.7.0)
      haml (>= 4.0.0.rc.1)
      hpricot (~> 0.8.6)
      ruby_parser (~> 3.1.1)
    i18n (0.7.0)
    jbuilder (2.3.1)
      activesupport (>= 3.0.0, < 5)
      multi_json (~> 1.2)
    jquery-rails (4.0.5)
      rails-dom-testing (~> 1.0)
      railties (>= 4.2.0)
      thor (>= 0.14, < 2.0)
    json (1.8.3)
    listen (3.0.3)
      rb-fsevent (>= 0.9.3)
      rb-inotify (>= 0.9)
    loofah (2.0.3)
      nokogiri (>= 1.5.9)
    lumberjack (1.0.9)
    mail (2.6.3)
      mime-types (>= 1.16, < 3)
    method_source (0.8.2)
    mime-types (2.6.1)
    mini_portile (0.6.2)
    minitest (5.8.0)
    minitest-capybara (0.7.2)
      capybara (~> 2.2)
      minitest (~> 5.0)
      rake
    minitest-line (0.6.3)
      minitest (~> 5.0)
    minitest-metadata (0.5.3)
      minitest (>= 4.7, < 6.0)
    minitest-rails (2.2.0)
      minitest (~> 5.7)
      railties (~> 4.1)
    minitest-rails-capybara (2.1.1)
      capybara (~> 2.0)
      minitest-capybara (~> 0.7.0)
      minitest-metadata (~> 0.5.0)
      minitest-rails (~> 2.1)
    minitest-reporters (1.1.0)
      ansi
      builder
      minitest (>= 5.0)
      ruby-progressbar
    monban (0.2.1)
      bcrypt
      rails
      warden
    msgpack (0.6.2)
    multi_json (1.11.2)
    multipart-post (2.0.0)
    mustache (1.0.2)
    nenv (0.2.0)
    nokogiri (1.6.6.2)
      mini_portile (~> 0.6.0)
    notiffany (0.0.7)
      nenv (~> 0.1)
      shellany (~> 0.0)
    pg (0.18.3)
    pry (0.10.1)
      coderay (~> 1.1.0)
      method_source (~> 0.8.1)
      slop (~> 3.4)
    rack (1.6.4)
    rack-test (0.6.3)
      rack (>= 1.0)
    rails (4.2.0)
      actionmailer (= 4.2.0)
      actionpack (= 4.2.0)
      actionview (= 4.2.0)
      activejob (= 4.2.0)
      activemodel (= 4.2.0)
      activerecord (= 4.2.0)
      activesupport (= 4.2.0)
      bundler (>= 1.3.0, < 2.0)
      railties (= 4.2.0)
      sprockets-rails
    rails-deprecated_sanitizer (1.0.3)
      activesupport (>= 4.2.0.alpha)
    rails-dom-testing (1.0.7)
      activesupport (>= 4.2.0.beta, < 5.0)
      nokogiri (~> 1.6.0)
      rails-deprecated_sanitizer (>= 1.0.1)
    rails-html-sanitizer (1.0.2)
      loofah (~> 2.0)
    rails_12factor (0.0.3)
      rails_serve_static_assets
      rails_stdout_logging
    rails_serve_static_assets (0.0.4)
    rails_stdout_logging (0.0.4)
    railties (4.2.0)
      actionpack (= 4.2.0)
      activesupport (= 4.2.0)
      rake (>= 0.8.7)
      thor (>= 0.18.1, < 2.0)
    rake (10.4.2)
    rb-fsevent (0.9.6)
    rb-inotify (0.9.5)
      ffi (>= 0.5.0)
    rdoc (4.2.0)
    redic (1.5.0)
      hiredis
    representable (2.3.0)
      uber (~> 0.0.7)
    responders (2.1.0)
      railties (>= 4.2.0, < 5)
    roar (1.0.1)
      representable (>= 2.0.1, <= 3.0.0)
    ruby-progressbar (1.7.5)
    ruby_parser (3.1.3)
      sexp_processor (~> 4.1)
    sass (3.4.18)
    sass-rails (5.0.4)
      railties (>= 4.0.0, < 5.0)
      sass (~> 3.1)
      sprockets (>= 2.8, < 4.0)
      sprockets-rails (>= 2.0, < 4.0)
      tilt (>= 1.1, < 3)
    sdoc (0.4.1)
      json (~> 1.7, >= 1.7.7)
      rdoc (~> 4.0)
    sexp_processor (4.6.0)
    shellany (0.0.1)
    simple_form (3.1.1)
      actionpack (~> 4.0)
      activemodel (~> 4.0)
    simple_oauth (0.3.1)
    slop (3.6.0)
    spring (1.3.6)
    sprockets (3.3.4)
      rack (~> 1.0)
    sprockets-rails (2.3.3)
      actionpack (>= 3.0)
      activesupport (>= 3.0)
      sprockets (>= 2.8, < 4.0)
    sqlite3 (1.3.10)
    thor (0.19.1)
    thread_safe (0.3.5)
    tilt (2.0.1)
    trailblazer (0.3.3)
      reform (>= 1.2.0)
      uber (>= 0.0.10)
    tyrant (0.0.2)
      bcrypt
      disposable (>= 0.1.11)
      reform (~> 2.0)
      trailblazer
    tzinfo (1.2.2)
      thread_safe (~> 0.1)
    uber (0.0.15)
    uglifier (2.7.2)
      execjs (>= 0.3.0)
      json (>= 1.8.0)
    warden (1.2.3)
      rack (>= 1.0)
    web-console (2.2.1)
      activemodel (>= 4.0)
      binding_of_caller (>= 0.7.2)
      railties (>= 4.0)
      sprockets-rails (>= 2.0, < 4.0)
    xpath (2.0.0)
      nokogiri (~> 1.3)

PLATFORMS
  ruby

DEPENDENCIES
  awesome_print
  bcrypt (~> 3.1.7)
  bitbucket_rest_api
  byebug
  caracara!
  cells (= 4.0.2)
  cells-haml (= 0.0.8)
  coffee-rails (~> 4.1.0)
  disc
  guard
  guard-minitest
  haml!
  haml-rails
  jbuilder (~> 2.0)
  jquery-rails
  minitest-line
  minitest-rails-capybara
  minitest-reporters
  monban
  pg
  rails (= 4.2.0)
  rails_12factor
  reform!
  responders
  roar
  sass-rails (~> 5.0)
  sdoc (~> 0.4.0)
  simple_form
  spring
  sqlite3
  trailblazer
  tyrant
  uglifier (>= 1.3.0)
  web-console (~> 2.0)

BUNDLED WITH
   1.10.6
